GIT
  remote: git://github.com/datamapper/do.git
  revision: 901cb4e3f45b94ffe7ec5ef1e0d09fe111a63939
  specs:
    data_objects (0.10.6)
      addressable (~> 2.1)
    do_sqlite3 (0.10.6)
      data_objects (= 0.10.6)

GIT
  remote: git://github.com/snusnu/rspec
  revision: daa261ae5798d56e6c9688e9d1e016b831fcd529
  branch: heckle_fix_plus_gemfile
  specs:
    rspec (1.3.0)

GEM
  remote: http://rubygems.org/
  specs:
    ParseTree (3.0.7)
      RubyInline (>= 3.7.0)
      sexp_processor (>= 3.0.0)
    RubyInline (3.9.0)
      ZenTest (~> 4.3)
    Saikuro (1.1.0)
    ZenTest (4.5.0)
    activesupport (3.0.9)
    addressable (2.2.6)
    arrayfields (4.7.4)
    chronic (0.4.4)
    churn (0.0.13)
      chronic (>= 0.2.3)
      hirb
      json_pure
      main
      ruby_parser (~> 2.0.4)
      sexp_processor (~> 3.0.3)
    colored (1.2)
    erubis (2.7.0)
    fattr (2.2.0)
    flay (1.4.2)
      ruby_parser (~> 2.0)
      sexp_processor (~> 3.0)
    flog (2.2.0)
      ruby_parser (~> 2.0)
      sexp_processor (~> 3.0)
    git (1.2.5)
    haml (3.1.2)
    heckle (1.4.3)
      ParseTree (>= 2.0.0)
      ZenTest (>= 3.5.2)
      ruby2ruby (>= 1.1.6)
    hirb (0.4.5)
    i18n (0.6.0)
    jeweler (1.6.2)
      bundler (~> 1.0)
      git (>= 1.2.5)
      rake
    json (1.4.6)
    json_pure (1.5.3)
    main (4.4.0)
      arrayfields (>= 4.7.4)
      fattr (>= 2.1.0)
    metric_fu (1.5.1)
      Saikuro (>= 1.1.0)
      activesupport (>= 2.0.0)
      chronic (>= 0.2.3)
      churn (>= 0.0.7)
      flay (>= 1.2.1)
      flog (>= 2.2.0)
      rails_best_practices (>= 0.3.16)
      rcov (>= 0.8.3.3)
      reek (>= 1.2.6)
      roodi (>= 2.1.0)
    mspec (1.5.17)
    rails_best_practices (0.9.0)
      activesupport
      colored
      erubis
      haml
      i18n
      ruby-progressbar
      ruby_parser
    rake (0.8.7)
    rcov (0.9.9)
    reek (1.2.8)
      ruby2ruby (~> 1.2)
      ruby_parser (~> 2.0)
      sexp_processor (~> 3.0)
    roodi (2.1.0)
      ruby_parser
    ruby-progressbar (0.0.10)
    ruby2ruby (1.2.2)
      ParseTree (~> 3.0)
    ruby_parser (2.0.6)
      sexp_processor (~> 3.0)
    sexp_processor (3.0.5)
    yard (0.5.8)
    yardstick (0.1.0)
      yard (~> 0.2)

PLATFORMS
  ruby

DEPENDENCIES
  ParseTree (~> 3.0.5)
  churn (~> 0.0.7)
  data_objects (~> 0.10.3)!
  do_sqlite3 (~> 0.10.3)!
  flay (~> 1.4.0)
  flog (~> 2.2.0)
  heckle (~> 1.4.3)
  jeweler (~> 1.4)
  json (~> 1.4.3)
  metric_fu (~> 1.3)
  mspec (~> 1.5.17)
  rake (~> 0.8.7)
  rcov (~> 0.9.8)
  reek (~> 1.2.8)
  roodi (~> 2.1)
  rspec (~> 1.3.0)!
  ruby2ruby (= 1.2.2)
  sexp_processor (~> 3.0.4)
  yard (~> 0.5.8)
  yardstick (~> 0.1)
